GIT
  remote: git://github.com/MiningPotatoes/ruby-babel-transpiler.git
  revision: b2bb1cbfaa4c202f377b331996870ae23c2e3fd1
  branch: patch-1
  specs:
    babel-transpiler (0.7.0)
      babel-source (>= 4.0, < 6)
      execjs (~> 2.0)

GEM
  remote: https://rubygems.org/
  specs:
    babel-source (5.8.35)
    backports (3.8.0)
    execjs (2.7.0)
    haml (5.0.1)
      temple (>= 0.8.0)
      tilt
    multi_json (1.12.1)
    mustermann (1.0.0)
    rack (2.0.2)
    rack-protection (2.0.0)
      rack
    sass (3.4.23)
    sinatra (2.0.0)
      mustermann (~> 1.0)
      rack (~> 2.0)
      rack-protection (= 2.0.0)
      tilt (~> 2.0)
    sinatra-contrib (2.0.0)
      backports (>= 2.0)
      multi_json
      mustermann (~> 1.0)
      rack-protection (= 2.0.0)
      sinatra (= 2.0.0)
      tilt (>= 1.3, < 3)
    temple (0.8.0)
    tilt (2.0.7)

PLATFORMS
  ruby

DEPENDENCIES
  babel-transpiler!
  haml
  sass
  sinatra
  sinatra-contrib

BUNDLED WITH
   1.14.6
