GIT
  remote: git://github.com/MiningPotatoes/ruby-babel-transpiler.git
  revision: b2bb1cbfaa4c202f377b331996870ae23c2e3fd1
  branch: patch-1
  specs:
    babel-transpiler (0.7.0)
      babel-source (>= 4.0, < 6)
      execjs (~> 2.0)

GEM
  remote: https://rubygems.org/
  specs:
    babel-source (5.8.35)
    backports (3.6.8)
    diff-lcs (1.3)
    execjs (2.7.0)
    haml (4.0.7)
      tilt
    multi_json (1.12.1)
    rack (1.6.5)
    rack-protection (1.5.3)
      rack
    rack-test (0.6.3)
      rack (>= 1.0)
    rake (12.0.0)
    rspec (3.5.0)
      rspec-core (~> 3.5.0)
      rspec-expectations (~> 3.5.0)
      rspec-mocks (~> 3.5.0)
    rspec-core (3.5.4)
      rspec-support (~> 3.5.0)
    rspec-expectations (3.5.0)
      diff-lcs (>= 1.2.0, < 2.0)
      rspec-support (~> 3.5.0)
    rspec-mocks (3.5.0)
      diff-lcs (>= 1.2.0, < 2.0)
      rspec-support (~> 3.5.0)
    rspec-support (3.5.0)
    sass (3.4.23)
    sinatra (1.4.8)
      rack (~> 1.5)
      rack-protection (~> 1.4)
      tilt (>= 1.3, < 3)
    sinatra-contrib (1.4.7)
      backports (>= 2.0)
      multi_json
      rack-protection
      rack-test
      sinatra (~> 1.4.0)
      tilt (>= 1.3, < 3)
    tilt (2.0.6)

PLATFORMS
  ruby
  x64-mingw32

DEPENDENCIES
  babel-transpiler!
  haml
  rake
  rspec
  sass
  sinatra
  sinatra-contrib

BUNDLED WITH
   1.14.6
